GEM
  remote: http://rubygems.org/
  specs:
    addressable (2.2.8)
    andand (1.3.3)
    columnize (0.3.6)
    domain_name (0.5.3)
      unf (~> 0.0.3)
    domainatrix (0.0.10)
      addressable
    fastercsv (1.5.5)
    linecache (0.46)
      rbx-require-relative (> 0.0.4)
    mechanize (2.5.1)
      domain_name (~> 0.5, >= 0.5.1)
      mime-types (~> 1.17, >= 1.17.2)
      net-http-digest_auth (~> 1.1, >= 1.1.1)
      net-http-persistent (~> 2.5, >= 2.5.2)
      nokogiri (~> 1.4)
      ntlm-http (~> 0.1, >= 0.1.1)
      webrobots (~> 0.0, >= 0.0.9)
    mime-types (1.18)
    mini_portile2 (2.6.1)
    net-http-digest_auth (1.2.1)
    net-http-persistent (2.7)
    nokogiri (1.12.5)
      mini_portile2 (~> 2.6.1)
      racc (~> 1.4)
    ntlm-http (0.1.1)
    postrank-uri (1.0.15)
      addressable (>= 2.2.3)
      domainatrix
      nokogiri
    racc (1.5.2)
    rbx-require-relative (0.0.9)
    ruby-debug (0.10.4)
      columnize (>= 0.1)
      ruby-debug-base (~> 0.10.4.0)
    ruby-debug-base (0.10.4)
      linecache (>= 0.3)
    unf (0.0.5)
      unf_ext
    unf_ext (0.0.5)
    webrobots (0.0.13)
    whois (2.6.2)

PLATFORMS
  ruby

DEPENDENCIES
  andand
  domainatrix
  fastercsv
  mechanize
  postrank-uri
  ruby-debug
  whois
