GEM
  remote: http://rubygems.org/
  specs:
    addressable (2.2.8)
    andand (1.3.3)
    columnize (0.3.6)
    connection_pool (2.2.3)
    domain_name (0.5.20190701)
      unf (>= 0.0.5, < 1.0.0)
    domainatrix (0.0.10)
      addressable
    fastercsv (1.5.5)
    http-cookie (1.0.3)
      domain_name (~> 0.5)
    linecache (0.46)
      rbx-require-relative (> 0.0.4)
    mechanize (2.7.7)
      domain_name (~> 0.5, >= 0.5.1)
      http-cookie (~> 1.0)
      mime-types (>= 1.17.2)
      net-http-digest_auth (~> 1.1, >= 1.1.1)
      net-http-persistent (>= 2.5.2)
      nokogiri (~> 1.6)
      ntlm-http (~> 0.1, >= 0.1.1)
      webrick (~> 1.7)
      webrobots (>= 0.0.9, < 0.2)
    mime-types (3.3.1)
      mime-types-data (~> 3.2015)
    mime-types-data (3.2020.1104)
    mini_portile2 (2.5.0)
    net-http-digest_auth (1.4.1)
    net-http-persistent (4.0.1)
      connection_pool (~> 2.2)
    nokogiri (1.11.1)
      mini_portile2 (~> 2.5.0)
      racc (~> 1.4)
    ntlm-http (0.1.1)
    postrank-uri (1.0.15)
      addressable (>= 2.2.3)
      domainatrix
      nokogiri
    racc (1.5.2)
    rbx-require-relative (0.0.9)
    ruby-debug (0.10.4)
      columnize (>= 0.1)
      ruby-debug-base (~> 0.10.4.0)
    ruby-debug-base (0.10.4)
      linecache (>= 0.3)
    unf (0.1.4)
      unf_ext
    unf_ext (0.0.7.7)
    webrick (1.7.0)
    webrobots (0.1.2)
    whois (2.6.2)

PLATFORMS
  ruby

DEPENDENCIES
  andand
  domainatrix
  fastercsv
  mechanize
  postrank-uri
  ruby-debug
  whois
